PATH
  remote: .
  specs:
    frampt (0.1.0)

GEM
  remote: https://rubygems.org/
  specs:
    ast (2.4.2)
    debug (1.4.0)
      irb (>= 1.3.6)
      reline (>= 0.2.7)
    diff-lcs (1.5.0)
    dotenv (2.7.6)
    io-console (0.5.11)
    irb (1.4.1)
      reline (>= 0.3.0)
    mustermann (1.1.1)
      ruby2_keywords (~> 0.0.1)
    nio4r (2.5.8)
    parallel (1.21.0)
    parser (3.1.0.0)
      ast (~> 2.4.1)
    puma (5.6.2)
      nio4r (~> 2.0)
    rack (2.2.3)
    rack-protection (2.1.0)
      rack
    rainbow (3.1.1)
    rake (13.0.6)
    regexp_parser (2.2.1)
    reline (0.3.1)
      io-console (~> 0.5)
    rexml (3.2.5)
    rspec (3.11.0)
      rspec-core (~> 3.11.0)
      rspec-expectations (~> 3.11.0)
      rspec-mocks (~> 3.11.0)
    rspec-core (3.11.0)
      rspec-support (~> 3.11.0)
    rspec-expectations (3.11.0)
      diff-lcs (>= 1.2.0, < 2.0)
      rspec-support (~> 3.11.0)
    rspec-mocks (3.11.0)
      diff-lcs (>= 1.2.0, < 2.0)
      rspec-support (~> 3.11.0)
    rspec-support (3.11.0)
    rubocop (1.25.1)
      parallel (~> 1.10)
      parser (>= 3.1.0.0)
      rainbow (>= 2.2.2, < 4.0)
      regexp_parser (>= 1.8, < 3.0)
      rexml
      rubocop-ast (>= 1.15.1, < 2.0)
      ruby-progressbar (~> 1.7)
      unicode-display_width (>= 1.4.0, < 3.0)
    rubocop-ast (1.15.2)
      parser (>= 3.0.1.1)
    ruby-progressbar (1.11.0)
    ruby2_keywords (0.0.5)
    sinatra (2.1.0)
      mustermann (~> 1.0)
      rack (~> 2.2)
      rack-protection (= 2.1.0)
      tilt (~> 2.0)
    tilt (2.0.10)
    unicode-display_width (2.1.0)

PLATFORMS
  arm64-darwin-21
  x86_64-linux

DEPENDENCIES
  debug (~> 1.4)
  dotenv (~> 2.7, >= 2.7.6)
  frampt!
  puma (~> 5.6, >= 5.6.2)
  rack (~> 2.2, >= 2.2.3)
  rack-protection (~> 2.1)
  rake (~> 13.0)
  rspec (~> 3.0)
  rubocop (~> 1.21)
  sinatra (~> 2.1)

BUNDLED WITH
   2.3.3
